CONTENT: NONE
NUGET
  remote: http://nuget.org/api/v2
  specs:
    AspNetMvc (4.0.20710.0)
      Microsoft.AspNet.Mvc (>= 4.0.20710.0 < 4.1)
    bootstrap (3.3.2)
      jQuery (>= 1.9.1)
    CsQuery (1.3.4)
    FAKE (3.27.0)
    FsCheck (1.0.4)
    FsCheck.Xunit (1.0.4)
      FsCheck (>= 1.0.4)
      xunit (>= 1.9.2)
    FSharp.Compiler.Service (0.0.86)
    FSharp.Core (3.1.2.1)
    FSharp.Formatting (2.7.5)
      FSharp.Compiler.Service (>= 0.0.82)
      FSharpVSPowerTools.Core (>= 1.7.0)
    FSharp.Formatting.CommandTool (2.7.5)
    FSharpVSPowerTools.Core (1.7.0)
      FSharp.Compiler.Service (>= 0.0.81)
    jQuery (2.1.3)
    Knockout (0.0.1)
      AspNetMvc (>= 4.0.0.0)
    Knockout.Mapping (2.4.0)
      knockoutjs (>= 2.0.0)
    knockoutjs (3.3.0)
    log4net (2.0.3)
    Machine.Specifications (0.9.1)
    Machine.Specifications.Runner.Console (0.9.0)
    Machine.Specifications.Should (0.7.2)
      Machine.Specifications (>= 0.7 < 1.0)
    Microsoft.AspNet.Mvc (4.0.40804.0)
      Microsoft.AspNet.Razor (>= 2.0.20710.0)
      Microsoft.AspNet.WebPages (>= 2.0.20710.0)
    Microsoft.AspNet.Razor (2.0.30506)
    Microsoft.AspNet.WebPages (2.0.30506)
      Microsoft.AspNet.Razor (>= 2.0.20710.0)
      Microsoft.Web.Infrastructure (>= 1.0.0.0)
    Microsoft.CompilerServices.AsyncTargetingPack (1.0.1)
    Microsoft.Web.Administration (7.0.0.0)
    Microsoft.Web.Infrastructure (1.0.0.0)
    Microsoft.Web.Xdt (2.1.1)
    Mono.Cecil (0.9.5.4)
    Mono.Web.Xdt (1.0.0)
    Nancy (1.1)
    Nancy.Authentication.Forms (1.1)
      Nancy (>= 1.1)
    Nancy.Authentication.Stateless (1.1)
      Nancy (>= 1.1)
    Nancy.Hosting.Aspnet (1.1)
      Nancy (>= 1.1)
    Nancy.Hosting.Self (1.1)
      Nancy (>= 1.1)
    Nancy.Serialization.JsonNet (1.1)
      Nancy (>= 1.1)
      Newtonsoft.Json
    Nancy.Testing (1.1)
      CsQuery (>= 1.3.3)
      Nancy (>= 1.1)
    Nancy.Viewengines.Razor (1.1)
      Microsoft.AspNet.Razor
      Microsoft.AspNet.Razor (>= 2.0.30506) - framework: >= net40
      Nancy (>= 1.1)
    Newtonsoft.Json (6.0.8)
    NuGet.CommandLine (2.8.3)
    Nuget.Core (2.8.3)
      Microsoft.Web.Xdt (>= 2.1.0)
    RavenDB.Client (2.5.2956)
      Microsoft.CompilerServices.AsyncTargetingPack
    RavenDB.Server (3.0.3599)
    SourceLink.Fake (0.4.2)
    SSH.NET (2013.4.7)
    System.Web.Razor.Unofficial (2.0.2)
    toastr (2.1.0)
      jQuery (>= 1.6.3)
    UnionArgParser (0.8.6)
    xunit (2.0.0)
      xunit.assert (2.0.0)
      xunit.core (2.0.0)
    xunit.abstractions (2.0.0)
    xunit.assert (2.0.0)
    xunit.core (2.0.0)
      xunit.extensibility.core (2.0.0)
    xunit.extensibility.core (2.0.0)
      xunit.abstractions (2.0.0)
    xunit.extensions (2.0.0)
      xunit (2.0.0)
    xunit.runner.console (2.0.0)
